GEM
  remote: https://rubygems.org/
  specs:
    cinch (2.3.4)

PLATFORMS
  ruby

DEPENDENCIES
  cinch

BUNDLED WITH
   1.16.3
